GEM
  remote: https://rubygems.org/
  specs:
    connection_pool (2.4.0)
    json (2.3.0)
    rack (3.0.7)
    rack-cache (1.13.0)
      rack (>= 0.4)
    redis (5.0.6)
      redis-client (>= 0.9.0)
    redis-client (0.14.1)
      connection_pool
    redis-rack-cache (2.0.2)
      rack-cache (>= 1.6, < 2)
      redis-store (>= 1.2, < 2)
    redis-store (1.9.2)
      redis (>= 4, < 6)

PLATFORMS
  ruby

DEPENDENCIES
  json (= 2.3.0)
  redis-rack-cache (= 2.0.2)

BUNDLED WITH
   1.17.3
